PATH
  remote: .
  specs:
    roda-i18n (0.6.0)
      date
      r18n-core (~> 5)
      roda (~> 3.8)
      tilt

GEM
  remote: https://rubygems.org/
  specs:
    ast (2.4.2)
    date (3.3.4)
    date (3.3.4-java)
    docile (1.4.1)
    erubi (1.13.0)
    json (2.7.2)
    json (2.7.2-java)
    kramdown (2.4.0)
      rexml
    language_server-protocol (3.17.0.3)
    minitest (5.25.1)
    minitest-hooks (1.5.2)
      minitest (> 5.3)
    minitest-rg (5.3.0)
      minitest (~> 5.0)
    parallel (1.26.3)
    parser (3.3.5.0)
      ast (~> 2.4.1)
      racc
    r18n-core (5.0.1)
    racc (1.8.1)
    racc (1.8.1-java)
    rack (3.1.7)
    rack-test (2.1.0)
      rack (>= 1.3)
    rainbow (3.1.1)
    rake (13.2.1)
    regexp_parser (2.9.2)
    rexml (3.3.7)
    roda (3.83.0)
      rack
    rubocop (1.66.1)
      json (~> 2.3)
      language_server-protocol (>= 3.17.0)
      parallel (~> 1.10)
      parser (>= 3.3.0.2)
      rainbow (>= 2.2.2, < 4.0)
      regexp_parser (>= 2.4, < 3.0)
      rubocop-ast (>= 1.32.2, < 2.0)
      ruby-progressbar (~> 1.7)
      unicode-display_width (>= 2.4.0, < 3.0)
    rubocop-ast (1.32.3)
      parser (>= 3.3.1.0)
    rubocop-minitest (0.36.0)
      rubocop (>= 1.61, < 2.0)
      rubocop-ast (>= 1.31.1, < 2.0)
    rubocop-performance (1.21.1)
      rubocop (>= 1.48.1, < 2.0)
      rubocop-ast (>= 1.31.1, < 2.0)
    rubocop-rake (0.6.0)
      rubocop (~> 1.0)
    ruby-progressbar (1.13.0)
    simplecov (0.22.0)
      docile (~> 1.1)
      simplecov-html (~> 0.11)
      simplecov_json_formatter (~> 0.1)
    simplecov-html (0.13.1)
    simplecov_json_formatter (0.1.4)
    tilt (2.4.0)
    unicode-display_width (2.5.0)

PLATFORMS
  aarch64-linux
  arm-linux
  arm64-darwin
  java
  ruby
  universal-java-17
  universal-java-22
  x64-mingw32
  x86-linux
  x86_64-darwin
  x86_64-linux

DEPENDENCIES
  bundler (~> 2.5)
  erubi
  kramdown
  minitest (~> 5.7, >= 5.7.0)
  minitest-hooks (~> 1.1, >= 1.1.0)
  minitest-rg
  rack-test (~> 2.1)
  rake (~> 13.2)
  roda-i18n!
  rubocop
  rubocop-minitest
  rubocop-performance
  rubocop-rake
  simplecov

BUNDLED WITH
   2.5.18
